GEM
  remote: http://rubygems.org/
  specs:
    git (1.2.5)
    jeweler (1.7.0)
      bundler (~> 1.0)
      git (>= 1.2.5)
      rake
      rdoc
    json (1.6.4)
    rake (0.9.2.2)
    rdoc (3.12)
      json (~> 1.4)
    shoulda (2.11.3)

PLATFORMS
  ruby

DEPENDENCIES
  bundler (~> 1.0.18)
  jeweler (>= 1.7.0)
  rdoc
  shoulda
